GEM
  remote: https://rubygems.org/
  specs:
    ast (2.4.0)
    curses (1.3.1)
    docile (1.3.2)
    json (2.3.0)
    minitest (5.13.0)
    parser (2.6.5.0)
      ast (~> 2.4.0)
    rake (13.0.1)
    simplecov (0.17.1)
      docile (~> 1.1)
      json (>= 1.8, < 3)
      simplecov-html (~> 0.10.0)
    simplecov-html (0.10.2)

PLATFORMS
  ruby

DEPENDENCIES
  curses
  minitest
  parser
  rake
  simplecov

BUNDLED WITH
   2.0.2
